GEM
  specs:
    concurrent-ruby (1.3.3)

PLATFORMS
  x64-mingw-ucrt

DEPENDENCIES
  concurrent-ruby (~> 1.3.3)

BUNDLED WITH
   2.5.15
